GEM
  remote: http://rubygems.org/
  specs:
    growl (1.0.3)
    guard (0.8.8)
      thor (~> 0.14.6)
    guard-shell (0.1.1)
      guard (>= 0.2.0)
    rake (0.9.2.2)
    rb-fsevent (0.4.3.1)
    thor (0.14.6)

PLATFORMS
  ruby

DEPENDENCIES
  growl
  guard-shell
  rake
  rb-fsevent
